GEM
  remote: http://rubygems.org/
  specs:
    backports (3.6.0)
    coderay (1.1.0)
    hashie (2.1.1)
    httparty (0.13.1)
      json (~> 1.8)
      multi_xml (>= 0.5.2)
    json (1.8.1)
    method_source (0.8.2)
    multi_json (1.10.1)
    multi_xml (0.5.5)
    oauth (0.4.7)
    omniauth (1.2.1)
      hashie (>= 1.2, < 3)
      rack (~> 1.0)
    omniauth-oauth (1.0.1)
      oauth
      omniauth (~> 1.0)
    omniauth-twitter (1.0.1)
      multi_json (~> 1.3)
      omniauth-oauth (~> 1.0)
    pry (0.9.12.6)
      coderay (~> 1.0)
      method_source (~> 0.8)
      slop (~> 3.4)
    rack (1.5.2)
    rack-protection (1.5.3)
      rack
    rack-test (0.6.2)
      rack (>= 1.0)
    sinatra (1.4.5)
      rack (~> 1.4)
      rack-protection (~> 1.4)
      tilt (~> 1.3, >= 1.3.4)
    sinatra-contrib (1.4.2)
      backports (>= 2.0)
      multi_json
      rack-protection
      rack-test
      sinatra (~> 1.4.0)
      tilt (~> 1.3)
    sinatra-reloader (1.0)
      sinatra-contrib
    slop (3.5.0)
    tilt (1.4.1)

PLATFORMS
  ruby

DEPENDENCIES
  httparty
  omniauth
  omniauth-twitter
  pry
  sinatra
  sinatra-reloader
